GEM
  remote: https://rubygems.org/
  specs:
    aws-sdk (2.10.57)
      aws-sdk-resources (= 2.10.57)
    aws-sdk-core (2.10.57)
      aws-sigv4 (~> 1.0)
      jmespath (~> 1.0)
    aws-sdk-resources (2.10.57)
      aws-sdk-core (= 2.10.57)
    aws-sigv4 (1.0.2)
    dotenv (2.2.1)
    jmespath (1.3.1)

PLATFORMS
  ruby

DEPENDENCIES
  aws-sdk (~> 2)
  bundler
  dotenv

BUNDLED WITH
   1.15.4
